GIT
  remote: git://github.com/mislav/tolk.git
  revision: a7b900f
  specs:
    tolk (0.2.2)
      will_paginate (~> 2.3.13)
      ya2yaml (~> 0.29.2)

GEM
  specs:
    actionmailer (2.3.8)
      actionpack (= 2.3.8)
    actionpack (2.3.8)
      activesupport (= 2.3.8)
      rack (~> 1.1.0)
    activerecord (2.3.8)
      activesupport (= 2.3.8)
    activeresource (2.3.8)
      activesupport (= 2.3.8)
    activesupport (2.3.8)
    cgi_multipart_eof_fix (2.5.0)
    columnize (0.3.1)
    daemons (1.1.0)
    fastthread (1.0.7)
    gem_plugin (0.2.3)
    i18n (0.4.1)
    linecache (0.43)
    memcache-client (1.8.5)
    mongrel (1.1.5)
      cgi_multipart_eof_fix (>= 2.4)
      daemons (>= 1.0.3)
      fastthread (>= 1.0.1)
      gem_plugin (>= 0.2.3)
    rack (1.1.0)
    rails (2.3.8)
      actionmailer (= 2.3.8)
      actionpack (= 2.3.8)
      activerecord (= 2.3.8)
      activeresource (= 2.3.8)
      activesupport (= 2.3.8)
      rake (>= 0.8.3)
    rake (0.8.7)
    ruby-debug (0.10.3)
      columnize (>= 0.1)
      ruby-debug-base (~> 0.10.3.0)
    ruby-debug-base (0.10.3)
      linecache (>= 0.3)
    sqlite3-ruby (1.2.5)
    will_paginate (2.3.14)
    ya2yaml (0.29.2)

PLATFORMS
  ruby

DEPENDENCIES
  i18n (>= 0.1.3)
  memcache-client (>= 1.7.4)
  mongrel (~> 1.1.5)
  rails (~> 2.3.5)
  ruby-debug (~> 0.10.3)
  sqlite3-ruby (~> 1.2.5)
  tolk!
